GEM
  remote: https://rubygems.org/
  specs:
    backtrace_cleaner (1.0.1)
    byebug (10.0.2)
    coderay (1.1.2)
    method_source (0.9.2)
    minitest (5.14.0)
    minitest-power_assert (0.3.1)
      minitest
      power_assert (>= 1.1)
    power_assert (1.1.3)
    pry (0.12.2)
      coderay (~> 1.1.0)
      method_source (~> 0.9.0)
    pry-byebug (3.6.0)
      byebug (~> 10.0)
      pry (~> 0.10)

PLATFORMS
  ruby

DEPENDENCIES
  backtrace_cleaner
  minitest-power_assert
  power_assert
  pry-byebug

BUNDLED WITH
   2.1.4
