GEM
  remote: https://rubygems.org/
  specs:
    ansi (1.5.0)
    backtrace_cleaner (1.0.1)
    builder (3.2.4)
    byebug (10.0.2)
    coderay (1.1.2)
    method_source (0.9.2)
    minitest (5.14.0)
    minitest-power_assert (0.3.1)
      minitest
      power_assert (>= 1.1)
    minitest-reporters (1.4.2)
      ansi
      builder
      minitest (>= 5.0)
      ruby-progressbar
    power_assert (1.1.3)
    pry (0.12.2)
      coderay (~> 1.1.0)
      method_source (~> 0.9.0)
    pry-byebug (3.6.0)
      byebug (~> 10.0)
      pry (~> 0.10)
    ruby-progressbar (1.10.1)

PLATFORMS
  ruby

DEPENDENCIES
  backtrace_cleaner
  minitest
  minitest-power_assert
  minitest-reporters
  power_assert
  pry-byebug

BUNDLED WITH
   2.1.4
