GEM
  remote: https://rubygems.org/
  specs:
    backtrace_cleaner (1.0.1)
    power_assert (1.1.3)

PLATFORMS
  ruby

DEPENDENCIES
  backtrace_cleaner
  power_assert

BUNDLED WITH
   1.17.2
